GEM
  remote: http://rubygems.org/
  specs:
    activesupport (3.0.11)
    aws (2.5.6)
      http_connection
      uuidtools
      xml-simple
    colorize (0.5.8)
    git (1.2.5)
    highline (1.6.8)
    http_connection (1.4.1)
    jeweler (1.6.4)
      bundler (~> 1.0)
      git (>= 1.2.5)
      rake
    rake (0.9.2.2)
    text-table (1.2.2)
    uuidtools (2.1.2)
    xml-simple (1.1.1)

PLATFORMS
  ruby

DEPENDENCIES
  activesupport (~> 3.0.0)
  aws (>= 2.5.6)
  colorize (= 0.5.8)
  highline (>= 1.6.8)
  jeweler
  rake
  text-table (= 1.2.2)
